GEM
  remote: https://rubygems.org/
  specs:
    ffaker (2.4.0)

PLATFORMS
  ruby

DEPENDENCIES
  ffaker

BUNDLED WITH
   1.13.1
